PATH
  remote: .
  specs:
    csv_utilities (1.0.0)

GEM
  remote: https://rubygems.org/
  specs:
    minitest (5.14.4)
    rake (13.0.3)

PLATFORMS
  x86_64-darwin-20

DEPENDENCIES
  csv_utilities!
  minitest (~> 5.0)
  rake (~> 13.0)

BUNDLED WITH
   2.2.7
